GIT
  remote: https://github.com/reactjs/react-rails.git
  revision: 50bc073302b31af399810345d73229948619bd18
  branch: update-react-18
  specs:
    react-rails (2.6.2)
      babel-transpiler (>= 0.7.0)
      connection_pool
      execjs
      railties (>= 3.2)
      tilt

GIT
  remote: https://github.com/swrobel/rack-toolbar.git
  revision: 4b270b459439a17781cd9657fdf2d0c64b714806
  branch: rails-pages
  specs:
    rack-toolbar (0.1.4)

GEM
  remote: https://rubygems.org/
  specs:
    actioncable (7.0.4)
      actionpack (= 7.0.4)
      activesupport (= 7.0.4)
      nio4r (~> 2.0)
      websocket-driver (>= 0.6.1)
    actionmailbox (7.0.4)
      actionpack (= 7.0.4)
      activejob (= 7.0.4)
      activerecord (= 7.0.4)
      activestorage (= 7.0.4)
      activesupport (= 7.0.4)
      mail (>= 2.7.1)
      net-imap
      net-pop
      net-smtp
    actionmailer (7.0.4)
      actionpack (= 7.0.4)
      actionview (= 7.0.4)
      activejob (= 7.0.4)
      activesupport (= 7.0.4)
      mail (~> 2.5, >= 2.5.4)
      net-imap
      net-pop
      net-smtp
      rails-dom-testing (~> 2.0)
    actionpack (7.0.4)
      actionview (= 7.0.4)
      activesupport (= 7.0.4)
      rack (~> 2.0, >= 2.2.0)
      rack-test (>= 0.6.3)
      rails-dom-testing (~> 2.0)
      rails-html-sanitizer (~> 1.0, >= 1.2.0)
    actiontext (7.0.4)
      actionpack (= 7.0.4)
      activerecord (= 7.0.4)
      activestorage (= 7.0.4)
      activesupport (= 7.0.4)
      globalid (>= 0.6.0)
      nokogiri (>= 1.8.5)
    actionview (7.0.4)
      activesupport (= 7.0.4)
      builder (~> 3.1)
      erubi (~> 1.4)
      rails-dom-testing (~> 2.0)
      rails-html-sanitizer (~> 1.1, >= 1.2.0)
    activejob (7.0.4)
      activesupport (= 7.0.4)
      globalid (>= 0.3.6)
    activemodel (7.0.4)
      activesupport (= 7.0.4)
    activerecord (7.0.4)
      activemodel (= 7.0.4)
      activesupport (= 7.0.4)
    activestorage (7.0.4)
      actionpack (= 7.0.4)
      activejob (= 7.0.4)
      activerecord (= 7.0.4)
      activesupport (= 7.0.4)
      marcel (~> 1.0)
      mini_mime (>= 1.1.0)
    activesupport (7.0.4)
      concurrent-ruby (~> 1.0, >= 1.0.2)
      i18n (>= 1.6, < 2)
      minitest (>= 5.1)
      tzinfo (~> 2.0)
    ast (2.4.2)
    babel-source (5.8.35)
    babel-transpiler (0.7.0)
      babel-source (>= 4.0, < 6)
      execjs (~> 2.0)
    bindex (0.8.1)
    bootsnap (1.15.0)
      msgpack (~> 1.2)
    brotli (0.4.0)
    bugsnag (6.25.1)
      concurrent-ruby (~> 1.0)
    builder (3.2.4)
    coderay (1.1.3)
    concurrent-ruby (1.1.10)
    connection_pool (2.3.0)
    crass (1.0.6)
    date (3.3.3)
    dotenv (2.8.1)
    dotenv-rails (2.8.1)
      dotenv (= 2.8.1)
      railties (>= 3.2)
    errbase (0.2.2)
    erubi (1.12.0)
    ethon (0.16.0)
      ffi (>= 1.15.0)
    execjs (2.8.1)
    ffi (1.15.5)
    foreman (0.87.2)
    formatador (1.1.0)
    friendly_id (5.5.0)
      activerecord (>= 4.0.0)
    gindex (0.3.0)
      railties (>= 5.2)
    globalid (1.0.1)
      activesupport (>= 5.0)
    guard (2.18.0)
      formatador (>= 0.2.4)
      listen (>= 2.7, < 4.0)
      lumberjack (>= 1.0.12, < 2.0)
      nenv (~> 0.1)
      notiffany (~> 0.0)
      pry (>= 0.13.0)
      shellany (~> 0.0)
      thor (>= 0.18.1)
    guard-compat (1.2.1)
    guard-rubocop (1.5.0)
      guard (~> 2.0)
      rubocop (< 2.0)
    guard-shell (0.7.2)
      guard (>= 2.0.0)
      guard-compat (~> 1.0)
    hiredis-client (0.12.0)
      redis-client (= 0.12.0)
    i18n (1.12.0)
      concurrent-ruby (~> 1.0)
    json (2.6.3)
    listen (3.8.0)
      rb-fsevent (~> 0.10, >= 0.10.3)
      rb-inotify (~> 0.9, >= 0.9.10)
    loofah (2.19.1)
      crass (~> 1.0.2)
      nokogiri (>= 1.5.9)
    lumberjack (1.2.8)
    mail (2.8.0)
      mini_mime (>= 0.1.1)
      net-imap
      net-pop
      net-smtp
    marcel (1.0.2)
    memery (1.4.1)
      ruby2_keywords (~> 0.0.2)
    method_source (1.0.0)
    mini_mime (1.1.2)
    mini_portile2 (2.8.1)
    minitest (5.17.0)
    msgpack (1.6.0)
    nenv (0.3.0)
    net-imap (0.3.4)
      date
      net-protocol
    net-pop (0.1.2)
      net-protocol
    net-protocol (0.2.1)
      timeout
    net-smtp (0.3.3)
      net-protocol
    newrelic_rpm (8.15.0)
    nio4r (2.5.8)
    nokogiri (1.13.10)
      mini_portile2 (~> 2.8.0)
      racc (~> 1.4)
    notiffany (0.1.3)
      nenv (~> 0.1)
      shellany (~> 0.0)
    oj (3.13.23)
    parallel (1.22.1)
    parser (3.2.0.0)
      ast (~> 2.4.1)
    pg (1.4.5)
    pgreset (0.3)
    pry (0.14.2)
      coderay (~> 1.1)
      method_source (~> 1.0)
    puma (6.0.2)
      nio4r (~> 2.0)
    racc (1.6.2)
    rack (2.2.5)
    rack-brotli (1.2.0)
      brotli (>= 0.1.7)
      rack (>= 1.4)
    rack-proxy (0.7.4)
      rack
    rack-test (2.0.2)
      rack (>= 1.3)
    rails (7.0.4)
      actioncable (= 7.0.4)
      actionmailbox (= 7.0.4)
      actionmailer (= 7.0.4)
      actionpack (= 7.0.4)
      actiontext (= 7.0.4)
      actionview (= 7.0.4)
      activejob (= 7.0.4)
      activemodel (= 7.0.4)
      activerecord (= 7.0.4)
      activestorage (= 7.0.4)
      activesupport (= 7.0.4)
      bundler (>= 1.15.0)
      railties (= 7.0.4)
    rails-dom-testing (2.0.3)
      activesupport (>= 4.2.0)
      nokogiri (>= 1.6)
    rails-html-sanitizer (1.4.4)
      loofah (~> 2.19, >= 2.19.1)
    railties (7.0.4)
      actionpack (= 7.0.4)
      activesupport (= 7.0.4)
      method_source
      rake (>= 12.2)
      thor (~> 1.0)
      zeitwerk (~> 2.5)
    rainbow (3.1.1)
    rake (13.0.6)
    rb-fsevent (0.11.2)
    rb-inotify (0.10.1)
      ffi (~> 1.0)
    redis (5.0.5)
      redis-client (>= 0.9.0)
    redis-client (0.12.0)
      connection_pool
    regexp_parser (2.6.1)
    rexml (3.2.5)
    rubocop (1.42.0)
      json (~> 2.3)
      parallel (~> 1.10)
      parser (>= 3.1.2.1)
      rainbow (>= 2.2.2, < 4.0)
      regexp_parser (>= 1.8, < 3.0)
      rexml (>= 3.2.5, < 4.0)
      rubocop-ast (>= 1.24.1, < 2.0)
      ruby-progressbar (~> 1.7)
      unicode-display_width (>= 1.4.0, < 3.0)
    rubocop-ast (1.24.1)
      parser (>= 3.1.1.0)
    rubocop-performance (1.15.2)
      rubocop (>= 1.7.0, < 2.0)
      rubocop-ast (>= 0.4.0)
    rubocop-rails (2.17.4)
      activesupport (>= 4.2.0)
      rack (>= 1.1)
      rubocop (>= 1.33.0, < 2.0)
    ruby-progressbar (1.11.0)
    ruby2_keywords (0.0.5)
    safely_block (0.3.0)
      errbase (>= 0.1.1)
    scenic (1.7.0)
      activerecord (>= 4.0.0)
      railties (>= 4.0.0)
    semantic_range (3.0.0)
    shakapacker (6.5.5)
      activesupport (>= 5.2)
      rack-proxy (>= 0.6.1)
      railties (>= 5.2)
      semantic_range (>= 2.3.0)
    shellany (0.0.1)
    slim (4.1.0)
      temple (>= 0.7.6, < 0.9)
      tilt (>= 2.0.6, < 2.1)
    slim-rails (3.5.1)
      actionpack (>= 3.1)
      railties (>= 3.1)
      slim (>= 3.0, < 5.0)
    temple (0.8.2)
    terminal-notifier-guard (1.7.0)
    thor (1.2.1)
    tilt (2.0.11)
    timeout (0.3.1)
    typhoeus (1.4.0)
      ethon (>= 0.9.0)
    tzinfo (2.0.5)
      concurrent-ruby (~> 1.0)
    unicode-display_width (2.4.2)
    web-console (4.2.0)
      actionview (>= 6.0.0)
      activemodel (>= 6.0.0)
      bindex (>= 0.4.0)
      railties (>= 6.0.0)
    websocket-driver (0.7.5)
      websocket-extensions (>= 0.1.0)
    websocket-extensions (0.1.5)
    zeitwerk (2.6.6)

PLATFORMS
  ruby
  x86_64-darwin-16
  x86_64-darwin-18
  x86_64-darwin-19

DEPENDENCIES
  bootsnap
  bugsnag
  dotenv-rails
  foreman
  friendly_id
  gindex
  guard
  guard-rubocop
  guard-shell
  hiredis-client
  memery
  newrelic_rpm
  oj
  pg
  pgreset
  puma
  rack-brotli
  rack-toolbar!
  rails (~> 7.0.2)
  react-rails!
  redis (~> 5)
  rubocop
  rubocop-performance
  rubocop-rails
  safely_block
  scenic
  shakapacker (= 6.5.5)
  slim-rails
  terminal-notifier-guard
  typhoeus
  web-console

RUBY VERSION
   ruby 3.2.0p0

BUNDLED WITH
   2.3.25
